GEM
  remote: http://rubygems.org/
  specs:
    gemcutter (0.6.1)
    rake (0.8.7)
    rspec (1.3.1)

PLATFORMS
  ruby

DEPENDENCIES
  gemcutter
  rake
  rspec (~> 1.3.1)
